GEM
  remote: http://rubygems.org/
  specs:
    colorize (0.5.8)
    coveralls (0.6.2)
      colorize
      multi_json (~> 1.3)
      rest-client
      simplecov (>= 0.7)
      thor
    diff-lcs (1.1.3)
    metaclass (0.0.1)
    mime-types (1.18)
    mocha (0.13.2)
      metaclass (~> 0.0.1)
    multi_json (1.7.2)
    posix-spawn (0.3.6)
    rake (0.9.2.2)
    rest-client (1.6.7)
      mime-types (>= 1.16)
    simplecov (0.7.1)
      multi_json (~> 1.0)
      simplecov-html (~> 0.7.1)
    simplecov-html (0.7.1)
    thor (0.18.0)

PLATFORMS
  ruby

DEPENDENCIES
  coveralls
  diff-lcs (~> 1.1)
  mime-types (~> 1.15)
  mocha (~> 0.13.2)
  posix-spawn (~> 0.3.6)
  rake
